GEM
  remote: https://rubygems.org/
  specs:
    activesupport (5.2.4.2)
      concurrent-ruby (~> 1.0, >= 1.0.2)
      i18n (>= 0.7, < 2)
      minitest (~> 5.1)
      tzinfo (~> 1.1)
    addressable (2.7.0)
      public_suffix (>= 2.0.2, < 5.0)
    beaker (4.21.0)
      beaker-hostgenerator
      hocon (~> 1.0)
      in-parallel (~> 0.1)
      inifile (~> 3.0)
      minitar (~> 0.6)
      minitest (~> 5.4)
      net-scp (~> 1.2)
      net-ssh (~> 5.0)
      open_uri_redirections (~> 0.2.1)
      pry-byebug (~> 3.6)
      rb-readline (~> 0.5.3)
      rsync (~> 1.0.9)
      stringify-hash (~> 0.0)
      thor (>= 1.0.1, < 2.0)
    beaker-hostgenerator (1.2.5)
      deep_merge (~> 1.0)
      stringify-hash (~> 0.0.0)
    beaker-rspec (6.2.4)
      beaker (> 3.0)
      rspec (~> 3.0)
      serverspec (~> 2)
      specinfra (~> 2)
    byebug (11.1.3)
    coderay (1.1.1)
    concurrent-ruby (1.1.6)
    deep_merge (1.2.1)
    diff-lcs (1.3)
    domain_name (0.5.20160310)
      unf (>= 0.0.5, < 1.0.0)
    ethon (0.12.0)
      ffi (>= 1.3.0)
    facter (2.5.7)
    facterdb (1.3.0)
      facter (< 4.0.0)
      jgrep
    faraday (1.0.1)
      multipart-post (>= 1.2, < 3)
    faraday_middleware (1.0.0)
      faraday (~> 1.0)
    ffi (1.12.2)
    formatador (0.2.5)
    gh (0.17.0)
      activesupport (~> 5.0)
      addressable (~> 2.4)
      faraday (~> 1.0)
      faraday_middleware (~> 1.0)
      multi_json (~> 1.0)
      net-http-persistent (~> 2.9)
      net-http-pipeline
    guard (2.14.0)
      formatador (>= 0.2.4)
      listen (>= 2.7, < 4.0)
      lumberjack (~> 1.0)
      nenv (~> 0.1)
      notiffany (~> 0.0)
      pry (>= 0.9.12)
      shellany (~> 0.0)
      thor (>= 0.18.1)
    guard-rake (1.0.0)
      guard
      rake
    hiera (1.3.4)
      json_pure
    highline (2.0.3)
    hocon (1.3.0)
    http-cookie (1.0.2)
      domain_name (~> 0.5)
    i18n (1.8.2)
      concurrent-ruby (~> 1.0)
    in-parallel (0.1.17)
    inifile (3.0.0)
    jgrep (1.5.2)
    json (2.3.0)
    json-schema (2.8.1)
      addressable (>= 2.4)
    json_pure (2.3.0)
    launchy (2.5.0)
      addressable (~> 2.7)
    listen (3.1.5)
      rb-fsevent (~> 0.9, >= 0.9.4)
      rb-inotify (~> 0.9, >= 0.9.7)
      ruby_dep (~> 1.2)
    lumberjack (1.0.10)
    metaclass (0.0.4)
    metadata-json-lint (2.3.0)
      json-schema (~> 2.8)
      spdx-licenses (~> 1.0)
    method_source (0.8.2)
    mime-types (2.99.3)
    minitar (0.9)
    minitest (5.14.0)
    mocha (1.1.0)
      metaclass (~> 0.0.1)
    multi_json (1.14.1)
    multipart-post (2.1.1)
    nenv (0.3.0)
    net-http-persistent (2.9.4)
    net-http-pipeline (1.0.1)
    net-scp (1.2.1)
      net-ssh (>= 2.6.5)
    net-ssh (5.2.0)
    net-telnet (0.1.1)
    netrc (0.11.0)
    notiffany (0.1.0)
      nenv (~> 0.1)
      shellany (~> 0.0)
    open_uri_redirections (0.2.1)
    pry (0.10.3)
      coderay (~> 1.1.0)
      method_source (~> 0.8.1)
      slop (~> 3.4)
    pry-byebug (3.8.0)
      byebug (~> 11.0)
      pry (~> 0.10)
    public_suffix (4.0.4)
    puppet (3.7.5)
      facter (> 1.6, < 3)
      hiera (~> 1.0)
      json_pure
    puppet-blacksmith (3.3.1)
      puppet (>= 2.7.16)
      rest-client
    puppet-lint (1.1.0)
    puppet-syntax (2.1.0)
      rake
    puppetlabs_spec_helper (1.1.1)
      mocha
      puppet-lint
      puppet-syntax
      rake
      rspec-puppet
    pusher-client (0.6.2)
      json
      websocket (~> 1.0)
    rake (11.1.2)
    rb-fsevent (0.9.7)
    rb-inotify (0.9.7)
      ffi (>= 0.5.0)
    rb-readline (0.5.5)
    rest-client (1.8.0)
      http-cookie (>= 1.0.2, < 2.0)
      mime-types (>= 1.16, < 3.0)
      netrc (~> 0.7)
    rspec (3.9.0)
      rspec-core (~> 3.9.0)
      rspec-expectations (~> 3.9.0)
      rspec-mocks (~> 3.9.0)
    rspec-core (3.9.1)
      rspec-support (~> 3.9.1)
    rspec-expectations (3.9.1)
      diff-lcs (>= 1.2.0, < 2.0)
      rspec-support (~> 3.9.0)
    rspec-its (1.3.0)
      rspec-core (>= 3.0.0)
      rspec-expectations (>= 3.0.0)
    rspec-mocks (3.9.1)
      diff-lcs (>= 1.2.0, < 2.0)
      rspec-support (~> 3.9.0)
    rspec-puppet (2.4.0)
      rspec
    rspec-puppet-facts (1.10.0)
      facter
      facterdb (>= 0.5.0)
      json
      puppet
    rspec-support (3.9.2)
    rsync (1.0.9)
    ruby_dep (1.3.1)
    serverspec (2.41.5)
      multi_json
      rspec (~> 3.0)
      rspec-its
      specinfra (~> 2.72)
    sfl (2.3)
    shellany (0.0.1)
    slop (3.6.0)
    spdx-licenses (1.2.0)
    specinfra (2.82.16)
      net-scp
      net-ssh (>= 2.7)
      net-telnet (= 0.1.1)
      sfl
    stringify-hash (0.0.2)
    thor (1.0.1)
    thread_safe (0.3.6)
    travis (1.9.0)
      faraday (~> 1.0)
      faraday_middleware (~> 1.0)
      gh (~> 0.13)
      highline (~> 2.0)
      json (~> 2.3)
      launchy (~> 2.1)
      pusher-client (~> 0.4)
      typhoeus (~> 0.6, >= 0.6.8)
    travis-lint (2.0.0)
      json
    typhoeus (0.8.0)
      ethon (>= 0.8.0)
    tzinfo (1.2.7)
      thread_safe (~> 0.1)
    unf (0.1.4)
      unf_ext
    unf_ext (0.0.7.7)
    vagrant-wrapper (2.0.3)
    websocket (1.2.8)

PLATFORMS
  ruby

DEPENDENCIES
  beaker (>= 3.7.0)
  beaker-rspec (>= 6.0.0)
  guard-rake
  metadata-json-lint (>= 0.0.11)
  puppet (~> 3.7.0)
  puppet-blacksmith
  puppetlabs_spec_helper
  rake
  rspec-puppet
  rspec-puppet-facts (>= 1.6.1)
  travis (>= 1.8.2)
  travis-lint (>= 2.0.0)
  vagrant-wrapper

BUNDLED WITH
   1.17.3
